GEM
  remote: http://bundler-api.herokuapp.com/
  specs:
    Platform (0.4.0)
    actionmailer (2.3.14)
      actionpack (= 2.3.14)
    actionpack (2.3.14)
      activesupport (= 2.3.14)
      rack (~> 1.1.0)
    activerecord (2.3.14)
      activesupport (= 2.3.14)
    activeresource (2.3.14)
      activesupport (= 2.3.14)
    activesupport (2.3.14)
    addressable (2.2.8)
    af (0.3.18.8)
      addressable (~> 2.2.6)
      interact (~> 0.4.0)
      json_pure (>= 1.5.1, < 1.7.0)
      rb-readline (~> 0.4.2)
      rest-client (>= 1.6.1, < 1.7.0)
      rubyzip (~> 0.9.4)
      terminal-table (~> 1.4.2)
      uuidtools (~> 2.1.0)
    allison (2.0.3)
    archive-tar-minitar (0.5.2)
    builder (3.1.4)
    bunny (0.8.0)
    chef (0.10.2)
      bunny (>= 0.6.0)
      erubis
      highline
      json (>= 1.4.4, <= 1.5.2)
      mixlib-authentication (>= 1.1.0)
      mixlib-cli (>= 1.1.0)
      mixlib-config (>= 1.1.2)
      mixlib-log (>= 1.3.0)
      moneta
      net-ssh (~> 2.1.3)
      net-ssh-multi (~> 1.0.1)
      ohai (>= 0.6.0)
      rest-client (>= 1.0.4, < 1.7.0)
      treetop (~> 1.4.9)
      uuidtools
    coderay (1.0.8)
    colorize (0.5.8)
    commander (4.1.2)
      highline (~> 1.6.11)
    cucumber (1.2.1)
      builder (>= 2.1.2)
      diff-lcs (>= 1.1.3)
      gherkin (~> 2.11.0)
      json (>= 1.4.6)
    diff-lcs (1.1.3)
    echoe (4.6.3)
      allison (>= 2.0.3)
      gemcutter (>= 0.7.0)
      rake (>= 0.9.2)
      rdoc (>= 3.6.1)
      rubyforge (>= 2.0.4)
    erubis (2.7.0)
    excon (0.16.7)
    ffi (1.0.11)
    fog (0.6.0)
      builder
      excon (>= 0.5.5)
      formatador (>= 0.0.16)
      json
      mime-types
      net-ssh (>= 2.0.23)
      nokogiri (>= 1.4.4)
      ruby-hmac
    formatador (0.2.3)
    gas (0.1.8)
      highline
      json
      sshkey (~> 1.2.2)
      thor (~> 0.14.6)
    gemcutter (0.7.1)
    gherkin (2.11.5)
      json (>= 1.4.6)
    ghost (1.0.0.pre)
      unindent (= 1.0)
    git-smart (0.1.9)
      colorize
    highline (1.6.15)
    hirb (0.7.0)
    homesick (0.7.0)
      thor (>= 0.14.0)
    huffshell (0.0.13)
      colorize
    i18n (0.6.1)
    interact (0.4.8)
    ipaddress (0.8.0)
    json (1.5.2)
    json_pure (1.6.7)
    knife-ec2 (0.5.2)
      fog (~> 0.6.0)
      highline (~> 1.6.1)
      net-ssh (~> 2.1.3)
      net-ssh-multi (~> 1.0.1)
    knife-rackspace (0.5.2)
      chef (>= 0.9.14)
      fog (~> 0.6.0)
      net-ssh (~> 2.1.3)
      net-ssh-multi (~> 1.0.1)
    lolcat (42.0.99)
      paint (~> 0.8.3)
      trollop (~> 1.16.2)
    lunchy (0.6.0)
    method_source (0.8.1)
    mime-types (1.19)
    mixlib-authentication (1.3.0)
      mixlib-log
    mixlib-cli (1.2.2)
    mixlib-config (1.1.2)
    mixlib-log (1.4.1)
    moneta (0.6.0)
    net-scp (1.0.4)
      net-ssh (>= 1.99.1)
    net-ssh (2.1.4)
    net-ssh-gateway (1.1.0)
      net-ssh (>= 1.99.1)
    net-ssh-multi (1.0.1)
      echoe
      net-ssh (>= 1.99.2)
      net-ssh-gateway (>= 0.99.0)
    nokogiri (1.5.5)
    ohai (6.14.0)
      ipaddress
      mixlib-cli
      mixlib-config
      mixlib-log
      systemu
      yajl-ruby
    open4 (1.3.0)
    paint (0.8.5)
    polyglot (0.3.3)
    popen4 (0.1.2)
      Platform (>= 0.4.0)
      open4 (>= 0.4.0)
    progressbar (0.11.0)
    pry (0.9.10)
      coderay (~> 1.0.5)
      method_source (~> 0.8)
      slop (~> 3.3.1)
    rack (1.1.3)
    rails (2.3.14)
      actionmailer (= 2.3.14)
      actionpack (= 2.3.14)
      activerecord (= 2.3.14)
      activeresource (= 2.3.14)
      activesupport (= 2.3.14)
      rake (>= 0.8.3)
    rake (0.9.2.2)
    rb-readline (0.4.2)
    rdoc (3.12)
      json (~> 1.4)
    rest-client (1.6.7)
      mime-types (>= 1.16)
    rhc (0.98.16)
      archive-tar-minitar
      commander (>= 4.0)
      highline (>= 1.5.1)
      net-ssh (>= 2.0.11)
      rest-client (>= 1.6)
      test-unit
    rspec (2.11.0)
      rspec-core (~> 2.11.0)
      rspec-expectations (~> 2.11.0)
      rspec-mocks (~> 2.11.0)
    rspec-core (2.11.1)
    rspec-expectations (2.11.3)
      diff-lcs (~> 1.1.3)
    rspec-mocks (2.11.3)
    ruby-hmac (0.4.0)
    rubyforge (2.0.4)
      json_pure (>= 1.1.7)
    rubyzip (0.9.9)
    slop (3.3.3)
    sshkey (1.2.3)
    systemu (2.5.2)
    teamocil (0.3.9)
    terminal-table (1.4.5)
    test-unit (2.5.2)
    thor (0.14.6)
    treetop (1.4.11)
      polyglot
      polyglot (>= 0.3.1)
    trollop (1.16.2)
    unindent (1.0)
    uuidtools (2.1.3)
    vagrant (0.8.10)
      archive-tar-minitar (= 0.5.2)
      erubis (~> 2.7.0)
      i18n (~> 0.6.0)
      json (~> 1.5.1)
      net-scp (~> 1.0.4)
      net-ssh (~> 2.1.4)
      thor (~> 0.14.6)
      virtualbox (~> 0.9.1)
    veewee (0.2.2)
      cucumber (>= 1.0.0)
      highline (~> 1.6.1)
      net-ssh (~> 2.1.0)
      popen4 (~> 0.1.2)
      progressbar
      rspec (~> 2.5)
      thor (~> 0.14.6)
      vagrant (~> 0.8.2)
    virtualbox (0.9.2)
      ffi (~> 1.0.9)
    yajl-ruby (1.1.0)

PLATFORMS
  ruby

DEPENDENCIES
  af
  chef
  fog
  gas
  ghost (= 1.0.0.pre)
  git-smart
  hirb
  homesick
  huffshell
  knife-ec2
  knife-rackspace
  lolcat
  lunchy
  pry
  rails
  rhc
  teamocil
  thor
  vagrant
  veewee
