GEM
  remote: http://rubygems.org/
  specs:
    actionmailer (2.3.16)
      actionpack (= 2.3.16)
    actionpack (2.3.16)
      activesupport (= 2.3.16)
      rack (~> 1.1.0)
    activerecord (2.3.16)
      activesupport (= 2.3.16)
    activeresource (2.3.16)
      activesupport (= 2.3.16)
    activesupport (2.3.16)
    builder (3.1.4)
    chef (11.2.0)
      erubis
      highline (>= 1.6.9)
      json (~> 1.7.6, >= 1.4.4)
      mixlib-authentication (>= 1.3.0)
      mixlib-cli (~> 1.3.0)
      mixlib-config (>= 1.1.2)
      mixlib-log (>= 1.3.0)
      mixlib-shellout
      net-ssh (~> 2.6)
      net-ssh-multi (~> 1.1.0)
      ohai (>= 0.6.0)
      rest-client (>= 1.0.4, < 1.7.0)
      yajl-ruby (~> 1.1)
    coderay (1.0.8)
    colorize (0.5.8)
    erubis (2.7.0)
    excon (0.16.10)
    fog (1.9.0)
      builder
      excon (~> 0.14)
      formatador (~> 0.2.0)
      mime-types
      multi_json (~> 1.0)
      net-scp (~> 1.0.4)
      net-ssh (>= 2.1.3)
      nokogiri (~> 1.5.0)
      ruby-hmac
    formatador (0.2.4)
    gas (1.0.2)
    ghost (1.0.0.pre.2)
      unindent (= 1.0)
    git-smart (0.1.9)
      colorize
    highline (1.6.15)
    hirb (0.7.1)
    homesick (0.7.0)
      thor (>= 0.14.0)
    huffshell (0.0.14)
      colorize
    ipaddress (0.8.0)
    json (1.7.6)
    knife-ec2 (0.6.2)
      chef (>= 0.10.10)
      fog (~> 1.6)
    knife-rackspace (0.6.2)
      chef (>= 0.10.10)
      fog (~> 1.6)
    lolcat (42.0.99)
      paint (~> 0.8.3)
      trollop (~> 1.16.2)
    lunchy (0.6.0)
    method_source (0.8.1)
    mime-types (1.21)
    mixlib-authentication (1.3.0)
      mixlib-log
    mixlib-cli (1.3.0)
    mixlib-config (1.1.2)
    mixlib-log (1.4.1)
    mixlib-shellout (1.1.0)
    multi_json (1.5.0)
    net-scp (1.0.6)
      net-ssh (>= 2.6.5)
    net-ssh (2.6.5)
    net-ssh-gateway (1.2.0)
      net-ssh (>= 2.6.5)
    net-ssh-multi (1.1.2)
      net-ssh (>= 2.6.5)
      net-ssh-gateway (>= 1.1.2)
    nokogiri (1.5.6)
    ohai (6.16.0)
      ipaddress
      mixlib-cli
      mixlib-config
      mixlib-log
      mixlib-shellout
      systemu
      yajl-ruby
    paint (0.8.5)
    pry (0.9.11.4)
      coderay (~> 1.0.5)
      method_source (~> 0.8)
      slop (~> 3.4)
    rack (1.1.6)
    rails (2.3.16)
      actionmailer (= 2.3.16)
      actionpack (= 2.3.16)
      activerecord (= 2.3.16)
      activeresource (= 2.3.16)
      activesupport (= 2.3.16)
      rake (>= 0.8.3)
    rake (10.0.3)
    rest-client (1.6.7)
      mime-types (>= 1.16)
    ruby-hmac (0.4.0)
    slop (3.4.3)
    systemu (2.5.2)
    teamocil (0.3.9)
    thor (0.17.0)
    trollop (1.16.2)
    unindent (1.0)
    yajl-ruby (1.1.0)

PLATFORMS
  ruby

DEPENDENCIES
  chef (~> 11.2.0)
  gas
  ghost (= 1.0.0.pre2)
  git-smart
  hirb
  homesick
  huffshell
  knife-ec2 (~> 0.6.2)
  knife-rackspace (~> 0.6.2)
  lolcat
  lunchy
  pry
  rails
  teamocil
  thor
